GEM
  remote: http://rubygems.org/
  specs:
    addressable (2.2.2)
    em-websocket (0.1.4)
      addressable (>= 2.1.1)
      eventmachine (>= 0.12.9)
    eventmachine (0.12.10)
    rack (1.2.1)
    sinatra (1.0)
      rack (>= 1.0)
    sinatra-content-for (0.2)
      sinatra

PLATFORMS
  ruby

DEPENDENCIES
  em-websocket
  sinatra
  sinatra-content-for
